GEM
  remote: http://rubygems.org/
  specs:
    ansi (1.4.3)
    diff-lcs (1.1.3)
    eventmachine (1.0.0)
    facets (2.9.3)
    faye-websocket (0.4.6)
      eventmachine (>= 0.12.0)
    minitest (4.4.0)
    multi_json (1.3.7)
    rake (10.0.3)
    rspec (2.12.0)
      rspec-core (~> 2.12.0)
      rspec-expectations (~> 2.12.0)
      rspec-mocks (~> 2.12.0)
    rspec-core (2.12.2)
    rspec-expectations (2.12.1)
      diff-lcs (~> 1.1.3)
    rspec-mocks (2.12.1)
    turn (0.9.6)
      ansi

PLATFORMS
  ruby

DEPENDENCIES
  facets
  faye-websocket (~> 0.4.6)
  minitest
  multi_json (~> 1.3.6)
  rake
  rspec
  turn (~> 0.9.5)
