GEM
  remote: http://rubygems.org/
  specs:
    diff-lcs (1.1.3)
    eventmachine (1.0.0)
    eventmachine (1.0.0-x86-mingw32)
    faye-websocket (0.4.6)
      eventmachine (>= 0.12.0)
    insensitive_hash (0.3.0)
    multi_json (1.3.7)
    rake (10.0.3)
    rspec (2.12.0)
      rspec-core (~> 2.12.0)
      rspec-expectations (~> 2.12.0)
      rspec-mocks (~> 2.12.0)
    rspec-core (2.12.2)
    rspec-expectations (2.12.1)
      diff-lcs (~> 1.1.3)
    rspec-mocks (2.12.1)

PLATFORMS
  ruby
  x86-mingw32

DEPENDENCIES
  faye-websocket (~> 0.4.6)
  insensitive_hash
  multi_json (~> 1.3.6)
  rake
  rspec
